GEM
  remote: https://rubygems.org/
  specs:
    commander (4.4.3)
      highline (~> 1.7.2)
    coveralls-gcov (0.1.2)
      commander
    highline (1.7.8)

PLATFORMS
  ruby

DEPENDENCIES
  coveralls-gcov

BUNDLED WITH
   1.14.6
